PATH
  remote: .
  specs:
    pivotal_ninja (0.0.1)
      json
      representable

GEM
  remote: https://rubygems.org/
  specs:
    coderay (1.0.9)
    diff-lcs (1.2.4)
    json (1.8.1)
    method_source (0.8.2)
    mini_portile (0.5.2)
    multi_json (1.8.2)
    nokogiri (1.6.0)
      mini_portile (~> 0.5.0)
    pry (0.9.12.2)
      coderay (~> 1.0.5)
      method_source (~> 0.8)
      slop (~> 3.4)
    rake (10.1.0)
    representable (1.7.1)
      multi_json
      nokogiri
    rspec (2.14.1)
      rspec-core (~> 2.14.0)
      rspec-expectations (~> 2.14.0)
      rspec-mocks (~> 2.14.0)
    rspec-core (2.14.7)
    rspec-expectations (2.14.3)
      diff-lcs (>= 1.1.3, < 2.0)
    rspec-mocks (2.14.4)
    slop (3.4.6)

PLATFORMS
  ruby

DEPENDENCIES
  bundler (~> 1.3)
  pivotal_ninja!
  pry
  rake
  rspec
